GIT
  remote: https://github.com/pixelblend/radiodan.git
  revision: 04a1cadf10163abf11f444f00d83b831206d8738
  branch: master
  specs:
    radiodan (0.0.4)
      active_support (~> 3.0.0)
      em-http-request (~> 1.0.3)
      em-simple_telnet (~> 0.0.6)
      em-synchrony (~> 1.0.3)
      eventmachine (~> 1.0.3)
      i18n (~> 0.6.4)
      sinatra (~> 1.4.2)
      sinatra-synchrony (~> 0.4.1)
      thin (~> 1.5.1)

GEM
  remote: https://rubygems.org/
  specs:
    active_support (3.0.0)
      activesupport (= 3.0.0)
    activesupport (3.0.0)
    addressable (2.3.5)
    coderay (1.0.9)
    cookiejar (0.3.0)
    daemons (1.1.9)
    dotenv (0.9.0)
    em-http-request (1.0.3)
      addressable (>= 2.2.3)
      cookiejar
      em-socksify
      eventmachine (>= 1.0.0.beta.4)
      http_parser.rb (>= 0.5.3)
    em-resolv-replace (1.1.3)
    em-simple_telnet (0.0.15)
      eventmachine (>= 1.0.0)
    em-socksify (0.3.0)
      eventmachine (>= 1.0.0.beta.4)
    em-synchrony (1.0.3)
      eventmachine (>= 1.0.0.beta.1)
    eventmachine (1.0.3)
    foreman (0.63.0)
      dotenv (>= 0.7)
      thor (>= 0.13.6)
    http_parser.rb (0.5.3)
    i18n (0.6.5)
    method_source (0.8.2)
    pry (0.9.12.2)
      coderay (~> 1.0.5)
      method_source (~> 0.8)
      slop (~> 3.4)
    rack (1.5.2)
    rack-fiber_pool (0.9.3)
    rack-protection (1.5.0)
      rack
    sinatra (1.4.3)
      rack (~> 1.4)
      rack-protection (~> 1.4)
      tilt (~> 1.3, >= 1.3.4)
    sinatra-synchrony (0.4.1)
      em-http-request (~> 1.0)
      em-resolv-replace (~> 1.1)
      em-synchrony (~> 1.0.1)
      eventmachine (~> 1.0.0)
      rack-fiber_pool (~> 0.9)
      sinatra (~> 1.0)
    slop (3.4.6)
    thin (1.5.1)
      daemons (>= 1.0.9)
      eventmachine (>= 0.12.6)
      rack (>= 1.0.0)
    thor (0.18.1)
    tilt (1.4.1)

PLATFORMS
  ruby

DEPENDENCIES
  foreman
  pry
  radiodan!
